PATH
  remote: .
  specs:
    queue_client (0.0.9)
      amqp (= 0.9.8)
      bunny (= 0.9.0.pre6)
      eventmachine (= 1.0.0)
      oj (= 2.0.3)

GEM
  remote: https://rubygems.org/
  specs:
    amq-client (0.9.11)
      amq-protocol (>= 1.0.1)
      eventmachine
    amq-protocol (1.1.0)
    amqp (0.9.8)
      amq-client (~> 0.9.5)
      amq-protocol (>= 0.9.4)
      eventmachine
    bunny (0.9.0.pre6)
      amq-protocol (>= 1.0.1)
    diff-lcs (1.1.3)
    eventmachine (1.0.0)
    oj (2.0.3)
    rspec (2.12.0)
      rspec-core (~> 2.12.0)
      rspec-expectations (~> 2.12.0)
      rspec-mocks (~> 2.12.0)
    rspec-core (2.12.2)
    rspec-expectations (2.12.1)
      diff-lcs (~> 1.1.3)
    rspec-mocks (2.12.2)

PLATFORMS
  ruby

DEPENDENCIES
  queue_client!
  rspec (>= 2.12.0)
