PATH
  remote: .
  specs:
    queue_client (2.0.3)
      amqp (>= 0.9.8)
      bunny (>= 0.9.0)
      eventmachine (>= 1.0.0)
      oj (>= 2.0.5)

GEM
  remote: https://rubygems.org/
  specs:
    amq-protocol (1.9.2)
    amqp (1.2.1)
      amq-protocol (>= 1.9.2)
      eventmachine
    bunny (1.1.0)
      amq-protocol (>= 1.9.2)
    diff-lcs (1.1.3)
    eventmachine (1.0.3)
    oj (2.5.4)
    rspec (2.12.0)
      rspec-core (~> 2.12.0)
      rspec-expectations (~> 2.12.0)
      rspec-mocks (~> 2.12.0)
    rspec-core (2.12.2)
    rspec-expectations (2.12.1)
      diff-lcs (~> 1.1.3)
    rspec-mocks (2.12.2)

PLATFORMS
  ruby

DEPENDENCIES
  queue_client!
  rspec (>= 2.12.0)
